GEM
  remote: https://rubygems.org/
  specs:
    awesome_print (1.8.0)
    daemons (1.2.4)
    eventmachine (1.2.5)
    rack (1.6.8)
    rack-protection (1.5.3)
      rack
    sinatra (1.4.5)
      rack (~> 1.4)
      rack-protection (~> 1.4)
      tilt (~> 1.3, >= 1.3.4)
    thin (1.6.3)
      daemons (~> 1.0, >= 1.0.9)
      eventmachine (~> 1.0)
      rack (~> 1.0)
    tilt (1.4.1)

PLATFORMS
  ruby

DEPENDENCIES
  awesome_print (= 1.8.0)
  sinatra (= 1.4.5)
  thin (= 1.6.3)

BUNDLED WITH
   1.15.1
